GEM
  remote: https://rubygems.org/
  specs:
    binding_of_caller (0.7.2)
      debug_inspector (>= 0.0.1)
    builder (3.2.2)
    byebug (3.5.1)
      columnize (~> 0.8)
      debugger-linecache (~> 1.2)
      slop (~> 3.6)
    celluloid (0.16.0)
      timers (~> 4.0.0)
    coderay (1.1.0)
    columnize (0.9.0)
    debug_inspector (0.0.2)
    debugger-linecache (1.2.0)
    elasticsearch (1.0.6)
      elasticsearch-api (= 1.0.6)
      elasticsearch-transport (= 1.0.6)
    elasticsearch-api (1.0.6)
      multi_json
    elasticsearch-transport (1.0.6)
      faraday
      multi_json
    faraday (0.9.1)
      multipart-post (>= 1.2, < 3)
    hitimes (1.2.2)
    interception (0.5)
    method_source (0.8.2)
    multi_json (1.10.1)
    multipart-post (2.0.0)
    mysql2 (0.3.17)
    patron (0.4.18)
    pg (0.18.1)
    pry (0.10.1)
      coderay (~> 1.1.0)
      method_source (~> 0.8.1)
      slop (~> 3.4)
    pry-byebug (3.0.1)
      byebug (~> 3.4)
      pry (~> 0.10)
    pry-rescue (1.4.1)
      interception (>= 0.5)
      pry
    pry-stack_explorer (0.4.9.1)
      binding_of_caller (>= 0.7)
      pry (>= 0.9.11)
    riddle (1.5.11)
    rsolr (1.0.10)
      builder (>= 2.1.2)
    sequel (4.19.0)
    slop (3.6.0)
    timers (4.0.1)
      hitimes
    tty-progressbar (0.5.0)
      tty-screen (~> 0.1.0)
    tty-screen (0.1.0)

PLATFORMS
  ruby

DEPENDENCIES
  celluloid
  elasticsearch
  mysql2
  patron
  pg
  pry
  pry-byebug
  pry-rescue
  pry-stack_explorer
  riddle
  rsolr
  sequel
  tty-progressbar
